GEM
  remote: https://rubygems.org/
  specs:
    CFPropertyList (2.2.7)
    activesupport (3.2.18)
      i18n (~> 0.6, >= 0.6.4)
      multi_json (~> 1.0)
    aws-sdk (1.40.0)
      json (~> 1.4)
      nokogiri (>= 1.4.4)
    claide (0.5.0)
    cocoapods (0.32.1)
      activesupport (>= 3.2.15, < 4)
      claide (~> 0.5.0)
      cocoapods-core (= 0.32.1)
      cocoapods-downloader (~> 0.5.0)
      cocoapods-try (~> 0.2.0)
      colored (~> 1.2)
      escape (~> 0.0.4)
      json_pure (~> 1.8)
      nap (~> 0.7)
      open4 (~> 1.3)
      xcodeproj (~> 0.16.1)
    cocoapods-core (0.32.1)
      activesupport (>= 3.2.15, < 4)
      fuzzy_match (~> 2.0.4)
      json_pure (~> 1.8)
      nap (~> 0.5)
    cocoapods-downloader (0.5.0)
    cocoapods-try (0.2.0)
    colored (1.2)
    colorize (0.7.2)
    commander (4.2.0)
      highline (~> 1.6.11)
    dotenv (0.11.1)
      dotenv-deployment (~> 0.0.2)
    dotenv-deployment (0.0.2)
    escape (0.0.4)
    faraday (0.8.9)
      multipart-post (~> 1.2.0)
    faraday_middleware (0.9.1)
      faraday (>= 0.7.4, < 0.10)
    fuzzy_match (2.0.4)
    highline (1.6.21)
    i18n (0.6.9)
    json (1.8.1)
    json_pure (1.8.1)
    mini_portile (0.5.3)
    multi_json (1.10.0)
    multipart-post (1.2.0)
    nap (0.7.0)
    net-sftp (2.1.2)
      net-ssh (>= 2.6.5)
    net-ssh (2.9.0)
    nokogiri (1.6.1)
      mini_portile (~> 0.5.0)
    open4 (1.3.3)
    plist (3.1.0)
    rubyzip (1.1.3)
    shenzhen (0.6.1)
      aws-sdk (~> 1.0)
      commander (~> 4.1)
      dotenv (~> 0.7)
      faraday (~> 0.8.9)
      faraday_middleware (~> 0.9)
      json (~> 1.8)
      net-sftp (~> 2.1.2)
      plist (~> 3.1.0)
      rubyzip (~> 1.1)
      terminal-table (~> 1.4.5)
    terminal-table (1.4.5)
    xcodeproj (0.16.1)
      activesupport (~> 3.0)
      colored (~> 1.2)

PLATFORMS
  ruby

DEPENDENCIES
  CFPropertyList
  cocoapods
  colorize
  shenzhen
